GIT
  remote: https://github.com/pjaspers/shack
  revision: df57568858d65f0a6c273a5725ce54f8d15e5daa
  specs:
    shack (0.0.4)

GEM
  remote: https://rubygems.org/
  specs:
    minitest (5.5.1)
    mustermann (1.1.1)
      ruby2_keywords (~> 0.0.1)
    nio4r (2.5.8)
    puma (5.6.4)
      nio4r (~> 2.0)
    rack (2.2.3)
    rack-protection (2.1.0)
      rack
    rack-test (0.6.3)
      rack (>= 1.0)
    rake (13.0.3)
    ruby2_keywords (0.0.2)
    sinatra (2.1.0)
      mustermann (~> 1.0)
      rack (~> 2.2)
      rack-protection (= 2.1.0)
      tilt (~> 2.0)
    tilt (2.0.10)

PLATFORMS
  ruby

DEPENDENCIES
  minitest (~> 5.5.0)
  puma (< 6)
  rack-test (~> 0.6.2)
  rake (< 14)
  shack!
  sinatra

RUBY VERSION
   ruby 3.0.0p0

BUNDLED WITH
   2.2.3
